GEM
  remote: http://rubygems.org/
  specs:
    crass (1.0.6)
    lynx (0.4.0)
    mini_portile2 (2.8.0)
    nokogiri (1.13.8)
      mini_portile2 (~> 2.8.0)
      racc (~> 1.4)
    nokogumbo (2.0.5)
      nokogiri (~> 1.8, >= 1.8.4)
    racc (1.6.0)
    sanitize (5.2.1)
      crass (~> 1.0.2)
      nokogiri (>= 1.8.0)
      nokogumbo (~> 2.0)
    yard (0.8.0)

PLATFORMS
  ruby

DEPENDENCIES
  lynx (= 0.4.0)
  sanitize (= 5.2.1)
  yard (= 0.8.0)

BUNDLED WITH
   1.16.5
